PATH
  remote: .
  specs:
    faker-medical (0.5.1)
      faker

GEM
  remote: https://rubygems.org/
  specs:
    diff-lcs (1.1.2)
    faker (1.4.3)
      i18n (~> 0.5)
    i18n (0.6.11)
    rake (10.3.1)
    rspec (2.6.0)
      rspec-core (~> 2.6.0)
      rspec-expectations (~> 2.6.0)
      rspec-mocks (~> 2.6.0)
    rspec-core (2.6.4)
    rspec-expectations (2.6.0)
      diff-lcs (~> 1.1.2)
    rspec-mocks (2.6.0)
    thoughtbot-shoulda (2.11.1)

PLATFORMS
  ruby

DEPENDENCIES
  bundler (~> 1.3)
  faker-medical!
  rake
  rspec
  thoughtbot-shoulda
